PATH
  remote: .
  specs:
    sinatra-accept-params (0.1.0)
      sinatra

GEM
  remote: http://rubygems.org/
  specs:
    bacon (1.1.0)
    rack (1.2.2)
    rack-test (0.6.0)
      rack (>= 1.0)
    riot (0.12.3)
      rr
    rr (1.0.2)
    simplecov (0.4.2)
      simplecov-html (~> 0.4.4)
    simplecov-html (0.4.4)
    sinatra (1.2.6)
      rack (~> 1.1)
      tilt (< 2.0, >= 1.2.2)
    tilt (1.3)

PLATFORMS
  ruby

DEPENDENCIES
  bacon
  rack
  rack-test
  riot
  rr
  simplecov
  simplecov-html
  sinatra
  sinatra-accept-params!
